GEM
  remote: https://rubygems.org/
  specs:
    addressable (2.7.0)
      public_suffix (>= 2.0.2, < 5.0)
    bcrypt-ruby (3.0.1)
    bcrypt-ruby (3.0.1-x86-mingw32)
    coderay (1.0.8)
    coffee-script (2.2.0)
      coffee-script-source
      execjs
    coffee-script-source (1.4.0)
    data_objects (0.10.17)
      addressable (~> 2.1)
    diff-lcs (1.1.3)
    dm-core (1.2.1)
      addressable (~> 2.3)
    dm-do-adapter (1.2.0)
      data_objects (~> 0.10.6)
      dm-core (~> 1.2.0)
    dm-migrations (1.2.0)
      dm-core (~> 1.2.0)
    dm-mysql-adapter (1.2.0)
      dm-do-adapter (~> 1.2.0)
      do_mysql (~> 0.10.6)
    dm-types (1.2.2)
      bcrypt-ruby (~> 3.0)
      dm-core (~> 1.2.0)
      fastercsv (~> 1.5)
      json (~> 1.6)
      multi_json (~> 1.0)
      stringex (~> 1.4)
      uuidtools (~> 2.1)
    dm-validations (1.2.0)
      dm-core (~> 1.2.0)
    do_mysql (0.10.17)
      data_objects (= 0.10.17)
    do_mysql (0.10.17-x86-mingw32)
      data_objects (= 0.10.17)
    execjs (1.4.0)
      multi_json (~> 1.0)
    fastercsv (1.5.5)
    ffi (1.12.2)
    ffi (1.12.2-x86-mingw32)
    ffi-compiler (1.0.1)
      ffi (>= 1.0.0)
      rake
    foreman (0.60.2)
      thor (>= 0.13.6)
    growl (1.0.3)
    guard (1.5.4)
      listen (>= 0.4.2)
      lumberjack (>= 1.0.2)
      pry (>= 0.9.10)
      thor (>= 0.14.6)
    guard-coffeescript (1.2.1)
      coffee-script (>= 2.2.0)
      guard (>= 1.1.0)
    guard-sass (1.0.1)
      guard (>= 1.1.0)
      sass (>= 3.1)
    haml (5.1.2)
      temple (>= 0.8.0)
      tilt
    json (1.8.6)
    listen (0.5.3)
    lumberjack (1.0.2)
    method_source (0.8.1)
    multi_json (1.3.7)
    mustermann (1.1.1)
      ruby2_keywords (~> 0.0.1)
    nio4r (2.5.2)
    pry (0.9.10)
      coderay (~> 1.0.5)
      method_source (~> 0.8)
      slop (~> 3.3.1)
    pry (0.9.10-x86-mingw32)
      coderay (~> 1.0.5)
      method_source (~> 0.8)
      slop (~> 3.3.1)
      win32console (~> 1.3)
    public_suffix (4.0.3)
    puma (4.3.5)
      nio4r (~> 2.0)
    rack (2.2.2)
    rack-protection (2.0.8.1)
      rack
    rack-test (0.6.2)
      rack (>= 1.0)
    rake (13.0.1)
    rb-inotify (0.8.8)
      ffi (>= 0.5.0)
    rdiscount (1.6.8)
    rerun (0.7.1)
      listen
    rspec-core (2.12.0)
    rspec-expectations (2.12.0)
      diff-lcs (~> 1.1.3)
    rspec-mocks (2.12.0)
    ruby2_keywords (0.0.2)
    sass (3.2.3)
    scrypt (3.0.7)
      ffi-compiler (>= 1.0, < 2.0)
    sinatra (2.0.8.1)
      mustermann (~> 1.0)
      rack (~> 2.0)
      rack-protection (= 2.0.8.1)
      tilt (~> 2.0)
    slop (3.3.3)
    stringex (1.4.0)
    temple (0.8.2)
    thor (0.16.0)
    tilt (2.0.10)
    uuidtools (2.1.3)
    voidtools (0.2.9)
    win32console (1.3.2-x86-mingw32)

PLATFORMS
  ruby
  x86-mingw32

DEPENDENCIES
  dm-core
  dm-migrations
  dm-mysql-adapter
  dm-types
  dm-validations
  ffi (= 1.12.2)
  foreman
  growl
  guard
  guard-coffeescript
  guard-sass
  haml
  json
  puma
  rack-test
  rb-inotify
  rdiscount
  rerun
  rspec-core
  rspec-expectations
  rspec-mocks
  sass
  scrypt
  sinatra
  voidtools

BUNDLED WITH
   2.1.4
